PATH
  remote: .
  specs:
    kindtap-platform-ruby (0.1.0)

GEM
  remote: http://rubygems.org/
  specs:

PLATFORMS
  ruby

DEPENDENCIES
  kindtap-platform-ruby!

BUNDLED WITH
   2.0.2
